GEM
  remote: http://rubygems.org/
  specs:
    abstract (1.0.0)
    actionmailer (3.0.8)
      actionpack (= 3.0.8)
      mail (~> 2.2.19)
    actionpack (3.0.8)
      activemodel (= 3.0.8)
      activesupport (= 3.0.8)
      builder (~> 2.1.2)
      erubis (~> 2.6.6)
      i18n (~> 0.5.0)
      rack (~> 1.2.1)
      rack-mount (~> 0.6.14)
      rack-test (~> 0.5.7)
      tzinfo (~> 0.3.23)
    activemodel (3.0.8)
      activesupport (= 3.0.8)
      builder (~> 2.1.2)
      i18n (~> 0.5.0)
    activerecord (3.0.8)
      activemodel (= 3.0.8)
      activesupport (= 3.0.8)
      arel (~> 2.0.10)
      tzinfo (~> 0.3.23)
    activeresource (3.0.8)
      activemodel (= 3.0.8)
      activesupport (= 3.0.8)
    activesupport (3.0.8)
    archive-tar-minitar (0.5.2)
    arel (2.0.10)
    authlogic (3.0.3)
      activerecord (>= 3.0.7)
      activerecord (>= 3.0.7)
    aws-sdk (1.2.2)
      httparty (~> 0.7)
      json (~> 1.4)
      nokogiri (>= 1.4.4)
      uuidtools (~> 2.1)
    builder (2.1.2)
    cocaine (0.2.0)
    columnize (0.3.4)
    daemons (1.0.10)
    dalli (1.0.5)
    delayed_job (2.1.4)
      activesupport (~> 3.0)
      daemons
    diff-lcs (1.1.3)
    erubis (2.6.6)
      abstract (>= 1.0.0)
    exception_notification_rails3 (1.2.0)
    excon (0.7.6)
    factory_girl (2.0.4)
    ffi (1.0.9)
    ffi-rzmq (0.8.0)
    fog (1.0.0)
      builder
      excon (~> 0.7.3)
      formatador (~> 0.2.0)
      mime-types
      multi_json (~> 1.0.3)
      net-scp (~> 1.0.4)
      net-ssh (~> 2.1.4)
      nokogiri (~> 1.5.0)
      ruby-hmac
    formatador (0.2.1)
    gem_plugin (0.2.3)
    httparty (0.8.1)
      multi_json
      multi_xml
    i18n (0.5.0)
    json (1.6.1)
    linecache19 (0.5.12)
      ruby_core_source (>= 0.1.4)
    mail (2.2.19)
      activesupport (>= 2.3.6)
      i18n (>= 0.4.0)
      mime-types (~> 1.16)
      treetop (~> 1.4.8)
    meta_search (1.0.5)
      actionpack (~> 3.0.2)
      activerecord (~> 3.0.2)
      activesupport (~> 3.0.2)
      arel (~> 2.0.2)
    mime-types (1.16)
    mocha (0.9.12)
    mongrel (1.2.0.pre2)
      daemons (~> 1.0.10)
      gem_plugin (~> 0.2.3)
    multi_json (1.0.3)
    multi_xml (0.4.1)
    mysql2 (0.2.8)
    net-scp (1.0.4)
      net-ssh (>= 1.99.1)
    net-ssh (2.1.4)
    newrelic_rpm (3.0.1)
    nokogiri (1.5.0)
    paperclip (2.4.5)
      activerecord (>= 2.3.0)
      activesupport (>= 2.3.2)
      cocaine (>= 0.0.2)
      mime-types
    polyglot (0.3.2)
    postmark (0.9.8)
    postmark-rails (0.4.1)
      actionmailer
      postmark (>= 0.9.0)
      rake
    rack (1.2.3)
    rack-mount (0.6.14)
      rack (>= 1.0.0)
    rack-test (0.5.7)
      rack (>= 1.0)
    rails (3.0.8)
      actionmailer (= 3.0.8)
      actionpack (= 3.0.8)
      activerecord (= 3.0.8)
      activeresource (= 3.0.8)
      activesupport (= 3.0.8)
      bundler (~> 1.0)
      railties (= 3.0.8)
    railties (3.0.8)
      actionpack (= 3.0.8)
      activesupport (= 3.0.8)
      rake (>= 0.8.7)
      thor (~> 0.14.4)
    rake (0.9.2)
    rspec (2.6.0)
      rspec-core (~> 2.6.0)
      rspec-expectations (~> 2.6.0)
      rspec-mocks (~> 2.6.0)
    rspec-core (2.6.4)
    rspec-expectations (2.6.0)
      diff-lcs (~> 1.1.2)
    rspec-mocks (2.6.0)
    rspec-rails (2.6.0)
      actionpack (~> 3.0)
      activesupport (~> 3.0)
      railties (~> 3.0)
      rspec (~> 2.6.0)
    ruby-debug-base19 (0.11.25)
      columnize (>= 0.3.1)
      linecache19 (>= 0.5.11)
      ruby_core_source (>= 0.1.4)
    ruby-debug19 (0.11.6)
      columnize (>= 0.3.1)
      linecache19 (>= 0.5.11)
      ruby-debug-base19 (>= 0.11.19)
    ruby-hmac (0.4.0)
    ruby-ole (1.2.11.1)
    ruby_core_source (0.1.5)
      archive-tar-minitar (>= 0.5.2)
    rufus-scheduler (2.0.8)
      tzinfo (>= 0.3.23)
    spork (0.8.5)
    spreadsheet (0.6.5.4)
      ruby-ole (>= 1.0)
    sqlite3 (1.3.4)
    sqlite3-ruby (1.3.3)
      sqlite3 (>= 1.3.3)
    thor (0.14.6)
    treetop (1.4.10)
      polyglot
      polyglot (>= 0.3.1)
    tzinfo (0.3.29)
    uuidtools (2.1.0)
    will_paginate (3.0.pre2)

PLATFORMS
  ruby

DEPENDENCIES
  authlogic (= 3.0.3)
  aws-sdk
  dalli (= 1.0.5)
  delayed_job (= 2.1.4)
  exception_notification_rails3
  factory_girl
  ffi (~> 1.0.9)
  ffi-rzmq (~> 0.8.0)
  fog
  meta_search (= 1.0.5)
  mocha (= 0.9.12)
  mongrel (= 1.2.0.pre2)
  mysql2 (= 0.2.8)
  newrelic_rpm (= 3.0.1)
  paperclip (= 2.4.5)
  postmark-rails (= 0.4.1)
  rails (= 3.0.8)
  rspec-rails (= 2.6)
  ruby-debug19 (= 0.11.6)
  rufus-scheduler (= 2.0.8)
  spork
  spreadsheet (= 0.6.5.4)
  sqlite3-ruby
  uuidtools (= 2.1.0)
  will_paginate (= 3.0.pre2)
