GIT
  remote: https://github.com/Vandegrift/google-api-ruby-client
  revision: 5b297b9c6ed0156f1d0a213dced617b7dd15f8b7
  specs:
    google-api-client (0.15.0)
      addressable (~> 2.5, >= 2.5.1)
      googleauth (~> 0.5)
      httpclient (>= 2.8.1, < 3.0)
      mini_mime (~> 0.1)
      representable (~> 3.0)
      retriable (>= 2.0, < 4.0)

GIT
  remote: https://github.com/rails/rails.git
  revision: e17e25cd23e8abd45b1706463dd57c90fa6dcb7c
  branch: 3-2-stable
  specs:
    actionmailer (3.2.22.5)
      actionpack (= 3.2.22.5)
      mail (~> 2.5.4)
    actionpack (3.2.22.5)
      activemodel (= 3.2.22.5)
      activesupport (= 3.2.22.5)
      builder (~> 3.0)
      erubis (~> 2.7.0)
      journey (~> 1.0.4)
      rack (~> 1.4.5)
      rack-cache (~> 1.2)
      rack-test (~> 0.6.1)
      sprockets (~> 2.2.1)
    activemodel (3.2.22.5)
      activesupport (= 3.2.22.5)
      builder (~> 3.0)
    activerecord (3.2.22.5)
      activemodel (= 3.2.22.5)
      activesupport (= 3.2.22.5)
      arel (~> 3.0.2)
      tzinfo (~> 0.3.29)
    activeresource (3.2.22.5)
      activemodel (= 3.2.22.5)
      activesupport (= 3.2.22.5)
    activesupport (3.2.22.5)
      i18n (~> 0.6, >= 0.6.4)
      multi_json (~> 1.0)
    rails (3.2.22.5)
      actionmailer (= 3.2.22.5)
      actionpack (= 3.2.22.5)
      activerecord (= 3.2.22.5)
      activeresource (= 3.2.22.5)
      activesupport (= 3.2.22.5)
      bundler (~> 1.0)
      railties (= 3.2.22.5)
    railties (3.2.22.5)
      actionpack (= 3.2.22.5)
      activesupport (= 3.2.22.5)
      rack-ssl (~> 1.3.2)
      rake (>= 0.8.7)
      rdoc (~> 3.4)
      thor (>= 0.14.6, < 2.0)

GEM
  remote: https://rubygems.org/
  specs:
    REX12 (0.2.0)
    RedCloth (4.2.9)
    active_record_query_trace (1.5.4)
    activerecord-import (0.25.0)
      activerecord (>= 3.2)
    addressable (2.5.2)
      public_suffix (>= 2.0.2, < 4.0)
    annotate (2.7.2)
      activerecord (>= 3.2, < 6.0)
      rake (>= 10.4, < 13.0)
    arel (3.0.3)
    aws-sdk (2.10.61)
      aws-sdk-resources (= 2.10.61)
    aws-sdk-core (2.10.61)
      aws-sigv4 (~> 1.0)
      jmespath (~> 1.0)
    aws-sdk-resources (2.10.61)
      aws-sdk-core (= 2.10.61)
    aws-sdk-v1 (1.67.0)
      json (~> 1.4)
      nokogiri (~> 1)
    aws-sigv4 (1.0.2)
    axlsx (3.0.0.pre)
      htmlentities (~> 4.3, >= 4.3.4)
      mimemagic (~> 0.3)
      nokogiri (~> 1.8, >= 1.8.2)
      rubyzip (~> 1.2, >= 1.2.1)
    axlsx_rails (0.5.2)
      actionpack (>= 3.1)
      axlsx (>= 2.0.1)
    barby (0.6.5)
    bcrypt (3.1.11)
    browser (2.5.1)
    builder (3.2.3)
    byebug (10.0.2)
    cache_digests (0.3.1)
      actionpack (>= 3.2)
      thread_safe
    chunky_png (1.3.10)
    clearance (1.3.0)
      bcrypt
      email_validator (~> 1.4)
      rails (>= 3.1)
    climate_control (0.2.0)
    cocaine (0.5.8)
      climate_control (>= 0.0.3, < 1.0)
    coffee-rails (3.2.2)
      coffee-script (>= 2.2.0)
      railties (~> 3.2.0)
    coffee-script (2.4.1)
      coffee-script-source
      execjs
    coffee-script-source (1.12.2)
    combine_pdf (0.2.37)
      ruby-rc4 (>= 0.1.5)
    concurrent-ruby (1.0.5)
    connection_pool (2.2.1)
    crack (0.4.3)
      safe_yaml (~> 1.0.0)
    daemons (1.1.9)
    dalli (2.6.4)
    dalli-elasticache (0.2.0)
      dalli (>= 1.0.0)
    database_cleaner (1.6.2)
    declarative (0.0.10)
    declarative-option (0.1.0)
    delayed_job (4.1.5)
      activesupport (>= 3.0, < 5.3)
    delayed_job_active_record (4.1.3)
      activerecord (>= 3.0, < 5.3)
      delayed_job (>= 3.0, < 5)
    diff-lcs (1.3)
    domain_name (0.5.20170404)
      unf (>= 0.0.5, < 1.0.0)
    email_validator (1.6.0)
      activemodel
    erubis (2.7.0)
    et-orbi (1.1.2)
      tzinfo
    exception_notification (4.0.0)
      actionmailer (>= 3.0.4)
      activesupport (>= 3.0.4)
    execjs (2.7.0)
    factory_girl (2.5.2)
      activesupport (>= 2.3.9)
    faraday (0.12.2)
      multipart-post (>= 1.2, < 3)
    faraday_middleware (0.12.2)
      faraday (>= 0.7.4, < 1.0)
    ffi (1.9.18)
    fix_microsoft_links (0.1.6)
      rack (>= 1.1.1)
    fugit (1.1.1)
      et-orbi (~> 1.1, >= 1.1.1)
      raabro (~> 1.1)
    gli (2.16.1)
    googleauth (0.5.3)
      faraday (~> 0.12)
      jwt (~> 1.4)
      logging (~> 2.0)
      memoist (~> 0.12)
      multi_json (~> 1.11)
      os (~> 0.9)
      signet (~> 0.7)
    griddler (1.4.0)
      htmlentities
      rails (>= 3.2.0)
    griddler-postmark (1.0.0)
      griddler
    hashdiff (0.3.7)
    hashie (3.5.6)
    heroic-sns (1.1.3)
      json (~> 1.7)
      rack (>= 1.4)
    hike (1.2.3)
    htmlentities (4.3.4)
    http-cookie (1.0.3)
      domain_name (~> 0.5)
    httpclient (2.8.3)
    i18n (0.9.5)
      concurrent-ruby (~> 1.0)
    jasmine-core (1.3.1)
    jasmine-rails (0.4.6)
      jasmine-core (~> 1.3)
      rails (>= 3.1.0)
      sprockets-rails
    jmespath (1.3.1)
    journey (1.0.4)
    jquery-rails (3.1.4)
      railties (>= 3.0, < 5.0)
      thor (>= 0.14, < 2.0)
    json (1.8.6)
    jsonpath (0.5.8)
      multi_json
    jwt (1.5.6)
    libv8 (6.3.292.48.1)
    little-plugger (1.1.4)
    logging (2.2.2)
      little-plugger (~> 1.1)
      multi_json (~> 1.10)
    lru_redux (1.1.0)
    mail (2.5.5)
      mime-types (~> 1.16)
      treetop (~> 1.4.8)
    memoist (0.16.0)
    mime-types (1.25.1)
    mimemagic (0.3.0)
    mini_mime (0.1.4)
    mini_portile2 (2.3.0)
    mini_racer (0.1.15)
      libv8 (~> 6.3)
    minitest (5.10.3)
    mocha (0.9.12)
    mono_logger (1.1.0)
    multi_json (1.12.2)
    multi_xml (0.6.0)
    multipart-post (2.0.0)
    mysql2 (0.3.21)
    net-sftp (2.1.2)
      net-ssh (>= 2.6.5)
    net-ssh (4.2.0)
    netrc (0.11.0)
    newrelic_rpm (5.2.0.345)
    nokogiri (1.8.2)
      mini_portile2 (~> 2.3.0)
    oauth (0.4.7)
    oauth2 (1.4.0)
      faraday (>= 0.8, < 0.13)
      jwt (~> 1.0)
      multi_json (~> 1.3)
      multi_xml (~> 0.5)
      rack (>= 1.2, < 3)
    omniauth (1.4.2)
      hashie (>= 1.2, < 4)
      rack (>= 1.0, < 3)
    omniauth-google-oauth2 (0.5.3)
      jwt (>= 1.5)
      omniauth (>= 1.1.1)
      omniauth-oauth2 (>= 1.5)
    omniauth-oauth2 (1.5.0)
      oauth2 (~> 1.1)
      omniauth (~> 1.2)
    omniauth-saml (1.10.1)
      omniauth (~> 1.3, >= 1.3.2)
      ruby-saml (~> 1.7)
    os (0.9.6)
    paperclip (4.3.7)
      activemodel (>= 3.2.0)
      activesupport (>= 3.2.0)
      cocaine (~> 0.5.5)
      mime-types
      mimemagic (= 0.3.0)
    pdf-core (0.7.0)
    polyglot (0.3.5)
    postmark (1.10.0)
      json
      rake
    postmark-rails (0.5.2)
      actionmailer (>= 3.0.0)
      postmark (~> 1.0)
    power_assert (1.1.0)
    prawn (2.2.2)
      pdf-core (~> 0.7.0)
      ttfunk (~> 1.5)
    prawn-table (0.2.2)
      prawn (>= 1.3.0, < 3.0.0)
    public_suffix (3.0.0)
    raabro (1.1.5)
    rack (1.4.7)
    rack-cache (1.7.2)
      rack (>= 0.4)
    rack-ssl (1.3.4)
      rack
    rack-test (0.6.3)
      rack (>= 1.0)
    rake (12.1.0)
    rb-fsevent (0.10.2)
    rb-inotify (0.9.10)
      ffi (>= 0.5.0, < 2)
    rdoc (3.12.2)
      json (~> 1.4)
    redis (4.0.1)
    redlock (0.2.2)
      redis (>= 3.0.0, < 5.0)
    representable (3.0.4)
      declarative (< 0.1.0)
      declarative-option (< 0.2.0)
      uber (< 0.2.0)
    rest-client (1.8.0)
      http-cookie (>= 1.0.2, < 2.0)
      mime-types (>= 1.16, < 3.0)
      netrc (~> 0.7)
    retriable (3.1.1)
    rspec-core (3.5.4)
      rspec-support (~> 3.5.0)
    rspec-expectations (3.5.0)
      diff-lcs (>= 1.2.0, < 2.0)
      rspec-support (~> 3.5.0)
    rspec-mocks (3.5.0)
      diff-lcs (>= 1.2.0, < 2.0)
      rspec-support (~> 3.5.0)
    rspec-rails (3.5.2)
      actionpack (>= 3.0)
      activesupport (>= 3.0)
      railties (>= 3.0)
      rspec-core (~> 3.5.0)
      rspec-expectations (~> 3.5.0)
      rspec-mocks (~> 3.5.0)
      rspec-support (~> 3.5.0)
    rspec-support (3.5.0)
    rspec_junit_formatter (0.2.3)
      builder (< 4)
      rspec-core (>= 2, < 4, != 2.12.0)
    ruby-ole (1.2.12.1)
    ruby-rc4 (0.1.5)
    ruby-saml (1.8.0)
      nokogiri (>= 1.5.10)
    ruby-trello (1.3.0)
      activemodel (>= 3.2.0)
      addressable (~> 2.3)
      json
      oauth (~> 0.4.5)
      rest-client (~> 1.8.0)
    rubyXL (3.3.29)
      nokogiri (>= 1.4.4)
      rubyzip (>= 1.1.6)
    rubyzip (1.2.1)
    rufus-scheduler (3.5.0)
      fugit (~> 1.1, >= 1.1.1)
    safe_yaml (1.0.4)
    sass (3.5.2)
      sass-listen (~> 4.0.0)
    sass-listen (4.0.0)
      rb-fsevent (~> 0.9, >= 0.9.4)
      rb-inotify (~> 0.9, >= 0.9.7)
    sass-rails (3.2.6)
      railties (~> 3.2.0)
      sass (>= 3.1.10)
      tilt (~> 1.3)
    signet (0.8.1)
      addressable (~> 2.3)
      faraday (~> 0.9)
      jwt (>= 1.5, < 3.0)
      multi_json (~> 1.10)
    slack-ruby-client (0.10.0)
      activesupport
      faraday (>= 0.9)
      faraday_middleware
      gli
      hashie
      json
      websocket-driver
    spreadsheet (1.1.5)
      ruby-ole (>= 1.0)
    sprockets (2.2.3)
      hike (~> 1.2)
      multi_json (~> 1.0)
      rack (~> 1.0)
      tilt (~> 1.1, != 1.3.0)
    sprockets-rails (0.0.1)
      sprockets (>= 1.0.2)
    sqlite3 (1.3.13)
    test-unit (3.2.6)
      power_assert
    thor (0.20.0)
    thread_safe (0.3.6)
    tilt (1.4.1)
    timecop (0.8.1)
    treetop (1.4.15)
      polyglot
      polyglot (>= 0.3.1)
    ttfunk (1.5.1)
    turbo-sprockets-rails3 (0.3.14)
      railties (> 3.2.8, < 4.0.0)
      sprockets (>= 2.2.0)
    tzinfo (0.3.53)
    uber (0.1.0)
    uglifier (3.2.0)
      execjs (>= 0.3.0, < 3)
    unf (0.1.4)
      unf_ext
    unf_ext (0.0.7.4)
    uuidtools (2.1.4)
    webmock (3.1.0)
      addressable (>= 2.3.6)
      crack (>= 0.3.2)
      hashdiff
    websocket-driver (0.7.0)
      websocket-extensions (>= 0.1.0)
    websocket-extensions (0.1.2)
    will_paginate (3.1.6)

PLATFORMS
  ruby

DEPENDENCIES
  REX12 (~> 0.2)
  RedCloth (= 4.2.9)
  active_record_query_trace
  activerecord-import
  annotate
  aws-sdk (~> 2.6)
  aws-sdk-v1 (~> 1.66)
  axlsx (= 3.0.0.pre)
  axlsx_rails (= 0.5.2)
  barby (~> 0.6)
  browser
  byebug
  cache_digests
  chunky_png (~> 1.3.10)
  clearance (= 1.3.0)
  coffee-rails (~> 3.2.1)
  combine_pdf (~> 0.2)
  concurrent-ruby (~> 1.0)
  connection_pool (~> 2.2)
  daemons (= 1.1.9)
  dalli (= 2.6.4)
  dalli-elasticache (~> 0.2)
  database_cleaner
  delayed_job (= 4.1.5)
  delayed_job_active_record (= 4.1.3)
  email_validator (~> 1.6.0)
  exception_notification (= 4.0.0)
  execjs (= 2.7.0)
  factory_girl (= 2.5.2)
  fix_microsoft_links
  fugit (= 1.1.1)
  google-api-client!
  griddler (~> 1.1)
  griddler-postmark (~> 1.0)
  heroic-sns (~> 1.1)
  jasmine-rails (= 0.4.6)
  jquery-rails (~> 3.1.3)
  jsonpath (~> 0.5.6)
  lru_redux (~> 1.1.0)
  mini_racer (= 0.1.15)
  minitest
  mocha (= 0.9.12)
  mono_logger (= 1.1.0)
  mysql2 (= 0.3.21)
  net-sftp (= 2.1.2)
  net-ssh (= 4.2.0)
  newrelic_rpm (~> 5.2.0)
  omniauth-google-oauth2 (= 0.5.3)
  omniauth-saml (= 1.10.1)
  paperclip (= 4.3.7)
  postmark-rails (= 0.5.2)
  prawn (= 2.2.2)
  prawn-table (= 0.2.2)
  rails!
  redlock (~> 0.2)
  rspec-rails (~> 3.5.0)
  rspec_junit_formatter (~> 0.2.3)
  ruby-trello (= 1.3.0)
  rubyXL (= 3.3.29)
  rubyzip (~> 1.1)
  rufus-scheduler (= 3.5.0)
  sass-rails (~> 3.2.3)
  slack-ruby-client (~> 0.10)
  spreadsheet (= 1.1.5)
  sqlite3
  test-unit
  timecop (~> 0.8.0)
  turbo-sprockets-rails3 (~> 0.3)
  uglifier
  uuidtools (= 2.1.4)
  webmock
  will_paginate (= 3.1.6)

BUNDLED WITH
   1.16.1
