GEM
  remote: http://rubygems.org/
  specs:
    abstract (1.0.0)
    actionmailer (3.0.8)
      actionpack (= 3.0.8)
      mail (~> 2.2.19)
    actionpack (3.0.8)
      activemodel (= 3.0.8)
      activesupport (= 3.0.8)
      builder (~> 2.1.2)
      erubis (~> 2.6.6)
      i18n (~> 0.5.0)
      rack (~> 1.2.1)
      rack-mount (~> 0.6.14)
      rack-test (~> 0.5.7)
      tzinfo (~> 0.3.23)
    activemodel (3.0.8)
      activesupport (= 3.0.8)
      builder (~> 2.1.2)
      i18n (~> 0.5.0)
    activerecord (3.0.8)
      activemodel (= 3.0.8)
      activesupport (= 3.0.8)
      arel (~> 2.0.10)
      tzinfo (~> 0.3.23)
    activeresource (3.0.8)
      activemodel (= 3.0.8)
      activesupport (= 3.0.8)
    activesupport (3.0.8)
    archive-tar-minitar (0.5.2)
    arel (2.0.10)
    authlogic (2.1.6)
      activesupport
    aws-s3 (0.6.2)
      builder
      mime-types
      xml-simple
    builder (2.1.2)
    columnize (0.3.2)
    configatron (2.7.2)
      yamler (>= 0.1.0)
    cover_me (1.0.0.rc6)
      configatron
      hashie
    daemons (1.0.10)
    dalli (1.0.3)
    erubis (2.6.6)
      abstract (>= 1.0.0)
    exception_notification_rails3 (1.2.0)
    gem_plugin (0.2.3)
    hashie (1.0.0)
    i18n (0.5.0)
    linecache19 (0.5.11)
      ruby_core_source (>= 0.1.4)
    mail (2.2.19)
      activesupport (>= 2.3.6)
      i18n (>= 0.4.0)
      mime-types (~> 1.16)
      treetop (~> 1.4.8)
    meta_search (0.9.10)
      actionpack (~> 3.0.2)
      activerecord (~> 3.0.2)
      activesupport (~> 3.0.2)
      arel (~> 2.0.2)
    mime-types (1.16)
    mocha (0.9.12)
    mongrel (1.2.0.pre2)
      daemons (~> 1.0.10)
      gem_plugin (~> 0.2.3)
    mongrel (1.2.0.pre2-x86-mingw32)
      gem_plugin (~> 0.2.3)
    mysql2 (0.2.6)
    mysql2 (0.2.6-x86-mingw32)
    newrelic_rpm (3.0.1)
    paperclip (2.3.10)
      activerecord (>= 2.3.0)
      activesupport (>= 2.3.2)
    polyglot (0.3.1)
    rack (1.2.3)
    rack-mount (0.6.14)
      rack (>= 1.0.0)
    rack-test (0.5.7)
      rack (>= 1.0)
    rails (3.0.8)
      actionmailer (= 3.0.8)
      actionpack (= 3.0.8)
      activerecord (= 3.0.8)
      activeresource (= 3.0.8)
      activesupport (= 3.0.8)
      bundler (~> 1.0)
      railties (= 3.0.8)
    railties (3.0.8)
      actionpack (= 3.0.8)
      activesupport (= 3.0.8)
      rake (>= 0.8.7)
      thor (~> 0.14.4)
    rake (0.9.2)
    ruby-debug-base19 (0.11.24)
      columnize (>= 0.3.1)
      linecache19 (>= 0.5.11)
      ruby_core_source (>= 0.1.4)
    ruby-debug19 (0.11.6)
      columnize (>= 0.3.1)
      linecache19 (>= 0.5.11)
      ruby-debug-base19 (>= 0.11.19)
    ruby-ole (1.2.11.1)
    ruby-prof (0.10.5)
    ruby_core_source (0.1.4)
      archive-tar-minitar (>= 0.5.2)
    rufus-scheduler (2.0.8)
      tzinfo (>= 0.3.23)
    spreadsheet (0.6.5.2)
      ruby-ole (>= 1.0)
    sqlite3-ruby (1.3.2)
    sqlite3-ruby (1.3.2-x86-mingw32)
    thor (0.14.6)
    treetop (1.4.9)
      polyglot (>= 0.3.1)
    tzinfo (0.3.28)
    uuidtools (2.1.0)
    will_paginate (3.0.pre2)
    xml-simple (1.0.12)
    yamler (0.1.0)

PLATFORMS
  ruby
  x86-mingw32

DEPENDENCIES
  authlogic
  aws-s3
  cover_me (>= 1.0.0.rc6)
  dalli
  exception_notification_rails3
  meta_search
  mocha (= 0.9.12)
  mongrel (= 1.2.0.pre2)
  mysql2
  newrelic_rpm (= 3.0.1)
  paperclip (= 2.3.10)
  rails (= 3.0.8)
  ruby-debug19
  ruby-prof
  rufus-scheduler (= 2.0.8)
  spreadsheet (= 0.6.5.2)
  sqlite3-ruby
  uuidtools (= 2.1.0)
  will_paginate (= 3.0.pre2)
